GEM
  remote: http://rubygems.org/
  specs:
    gosu (0.7.50)
    httparty (0.13.1)
      json (~> 1.8)
      multi_xml (>= 0.5.2)
    json (1.8.1)
    multi_xml (0.5.5)

PLATFORMS
  ruby

DEPENDENCIES
  gosu
  httparty
  json
